{
	"TaskName": "rest",
	"InstitutionName": "Mayo Clinic",
	"InstitutionAddress": "200 First St. SW, Rochester, MN 55905",
	"Manufacturer": "Natus Medical Inc",
	"TaskDescription": "patient resting",
	"Instructions": "rest",
	"iEEGReference": "intracranial",
	"SamplingFrequency": 2048,
	"PowerLineFrequency": 60,
	"SoftwareFilters": "n/a",
	"DCOffsetCorrection": "n/a",
	"HardwareFilters": {
		"HighpassFilter": {
            "CutoffFrequency": 0.01
		},
		"LowpassFilter": {
			"CutoffFrequency": 878
		}
	},
	"ElectrodeManufacturer": "",
	"ECOGChannelCount": 76,
	"SEEGChannelCount": 12,
	"EEGChannelCount": 0,
	"EOGChannelCount": 0,
	"ECGChannelCount": 1,
	"EMGChannelCount": 0,
	"MiscChannelCount": 0,
	"TriggerChannelCount": 0,
	"RecordingDuration": 3977.07,
	"RecordingType": "continuous",
	"iEEGGround": "",
	"iEEGPlacementScheme": "Left temporal grid, strips and depths",
	"iEEGElectrodeGroups": "",
	"SubjectArtefactDescription": "bad segments of data are annotated in the _events.tsv status column",
	"ElectricalStimulation": true,
	"ElectricalStimulationParameters": "Single pulse stimulation with a square wave biphasic pulse, 200 microsecond duration, 6mA amplitude, delivered about every 5 seconds"
}
